GIT
  remote: https://github.com/deivid-rodriguez/tapioca
  revision: a41dc1c65c7283932d34257228c8a42639f5d61e
  branch: bundler-fixes
  specs:
    tapioca (0.16.5)
      bundler (>= 2.2.25)
      netrc (>= 0.11.0)
      parallel (>= 1.21.0)
      rbi (~> 0.2)
      sorbet-static-and-runtime (>= 0.5.11087)
      spoom (>= 1.2.0)
      thor (>= 1.2.0)
      yard-sorbet

GEM
  remote: https://rubygems.org/
  specs:
    addressable (2.8.7)
      public_suffix (>= 2.0.2, < 7.0)
    base64 (0.2.0)
    bigdecimal (3.1.8)
    connection_pool (2.4.1)
    csv (3.3.1)
    domain_name (0.6.20240107)
    erubi (1.13.1)
    http-cookie (1.0.8)
      domain_name (~> 0.5)
    httparty (0.22.0)
      csv
      mini_mime (>= 1.0.0)
      multi_xml (>= 0.5.2)
    lockbox (2.0.0)
    logger (1.6.3)
    mechanize (2.12.2)
      addressable (~> 2.8)
      base64
      domain_name (~> 0.5, >= 0.5.20190701)
      http-cookie (~> 1.0, >= 1.0.3)
      mime-types (~> 3.3)
      net-http-digest_auth (~> 1.4, >= 1.4.1)
      net-http-persistent (>= 2.5.2, < 5.0.dev)
      nkf
      nokogiri (~> 1.11, >= 1.11.2)
      rubyntlm (~> 0.6, >= 0.6.3)
      webrick (~> 1.7)
      webrobots (~> 0.1.2)
    mime-types (3.6.0)
      logger
      mime-types-data (~> 3.2015)
    mime-types-data (3.2024.1203)
    mini_mime (1.1.5)
    multi_xml (0.7.1)
      bigdecimal (~> 3.1)
    net-http-digest_auth (1.4.1)
    net-http-persistent (4.0.5)
      connection_pool (~> 2.2)
    netrc (0.11.0)
    nkf (0.2.0)
    nokogiri (1.17.2-aarch64-linux)
      racc (~> 1.4)
    nokogiri (1.17.2-arm-linux)
      racc (~> 1.4)
    nokogiri (1.17.2-arm64-darwin)
      racc (~> 1.4)
    nokogiri (1.17.2-x86-linux)
      racc (~> 1.4)
    nokogiri (1.17.2-x86_64-darwin)
      racc (~> 1.4)
    nokogiri (1.17.2-x86_64-linux)
      racc (~> 1.4)
    parallel (1.26.3)
    prism (1.2.0)
    public_suffix (6.0.1)
    racc (1.8.1)
    rainbow (3.1.1)
    rbi (0.2.2)
      prism (~> 1.0)
      sorbet-runtime (>= 0.5.9204)
    rubyntlm (0.6.5)
      base64
    sorbet (0.5.11704)
      sorbet-static (= 0.5.11704)
    sorbet-runtime (0.5.11704)
    sorbet-static (0.5.11704-aarch64-linux)
    sorbet-static (0.5.11704-universal-darwin)
    sorbet-static (0.5.11704-x86_64-linux)
    sorbet-static-and-runtime (0.5.11704)
      sorbet (= 0.5.11704)
      sorbet-runtime (= 0.5.11704)
    spoom (1.5.0)
      erubi (>= 1.10.0)
      prism (>= 0.28.0)
      sorbet-static-and-runtime (>= 0.5.10187)
      thor (>= 0.19.2)
    sqlite3 (2.4.1-aarch64-linux-gnu)
    sqlite3 (2.4.1-aarch64-linux-musl)
    sqlite3 (2.4.1-arm-linux-gnu)
    sqlite3 (2.4.1-arm64-darwin)
    sqlite3 (2.4.1-x86-linux-gnu)
    sqlite3 (2.4.1-x86_64-darwin)
    sqlite3 (2.4.1-x86_64-linux-gnu)
    sqlite3 (2.4.1-x86_64-linux-musl)
    thor (1.3.2)
    webrick (1.9.1)
    webrobots (0.1.2)
    yard (0.9.37)
    yard-sorbet (0.9.0)
      sorbet-runtime
      yard

PLATFORMS
  aarch64-linux
  aarch64-linux-gnu
  aarch64-linux-musl
  arm-linux
  arm64-darwin
  universal-darwin
  x86-linux
  x86_64-darwin
  x86_64-linux
  x86_64-linux-gnu
  x86_64-linux-musl

DEPENDENCIES
  httparty (~> 0.22.0)
  lockbox (~> 2.0.0)
  mechanize (~> 2.12.2)
  rainbow (~> 3.1.1)
  sorbet (~> 0.5.11704)
  sorbet-runtime (~> 0.5.11704)
  sqlite3 (~> 2.4.1)
  tapioca!

BUNDLED WITH
   2.6.0
